GEM
  remote: https://rubygems.org/
  specs:
    addressable (2.8.7)
      public_suffix (>= 2.0.2, < 7.0)
    base64 (0.2.0)
    bigdecimal (3.1.8)
    crack (1.0.0)
      bigdecimal
      rexml
    diff-lcs (1.5.1)
    event_stream_parser (1.0.0)
    faraday (2.12.0)
      faraday-net_http (>= 2.0, < 3.4)
      json
      logger
    faraday-multipart (1.0.4)
      multipart-post (~> 2)
    faraday-net_http (3.3.0)
      net-http
    hashdiff (1.1.1)
    json (2.7.2)
    logger (1.6.1)
    multipart-post (2.4.1)
    mustermann (3.0.3)
      ruby2_keywords (~> 0.0.1)
    net-http (0.4.1)
      uri
    public_suffix (6.0.1)
    rack (3.1.7)
    rack-protection (4.0.0)
      base64 (>= 0.1.0)
      rack (>= 3.0.0, < 4)
    rack-session (2.0.0)
      rack (>= 3.0.0)
    rack-test (2.1.0)
      rack (>= 1.3)
    rackup (2.1.0)
      rack (>= 3)
      webrick (~> 1.8)
    rexml (3.3.8)
    rspec (3.13.0)
      rspec-core (~> 3.13.0)
      rspec-expectations (~> 3.13.0)
      rspec-mocks (~> 3.13.0)
    rspec-core (3.13.1)
      rspec-support (~> 3.13.0)
    rspec-expectations (3.13.3)
      diff-lcs (>= 1.2.0, < 2.0)
      rspec-support (~> 3.13.0)
    rspec-mocks (3.13.2)
      diff-lcs (>= 1.2.0, < 2.0)
      rspec-support (~> 3.13.0)
    rspec-support (3.13.1)
    ruby-openai (7.1.0)
      event_stream_parser (>= 0.3.0, < 2.0.0)
      faraday (>= 1)
      faraday-multipart (>= 1)
    ruby2_keywords (0.0.5)
    sinatra (4.0.0)
      mustermann (~> 3.0)
      rack (>= 3.0.0, < 4)
      rack-protection (= 4.0.0)
      rack-session (>= 2.0.0, < 3)
      tilt (~> 2.0)
    tilt (2.4.0)
    uri (0.13.1)
    webmock (3.24.0)
      addressable (>= 2.8.0)
      crack (>= 0.3.2)
      hashdiff (>= 0.4.0, < 2.0.0)
    webrick (1.8.2)
    yaml (0.3.0)

PLATFORMS
  ruby
  x86_64-linux

DEPENDENCIES
  rack-test
  rackup
  rspec
  ruby-openai
  sinatra
  webmock
  yaml

BUNDLED WITH
   2.5.16
